GIT
  remote: git://github.com/jnicklas/carrierwave-mongoid.git
  revision: 28a9b718d42b8aba47d2eb951f73bd9d872b6eb0
  branch: mongoid-3.0
  specs:
    carrierwave-mongoid (0.3.0.alpha)
      carrierwave (~> 0.6.1)
      mongoid (~> 3.0.0)
      mongoid-grid_fs (~> 1.3.1)

GEM
  remote: http://ruby.taobao.org/
  specs:
    activemodel (3.2.8)
      activesupport (= 3.2.8)
      builder (~> 3.0.0)
    activesupport (3.2.8)
      i18n (~> 0.6)
      multi_json (~> 1.0)
    bson (1.6.4)
    bson_ext (1.6.4)
      bson (~> 1.6.4)
    builder (3.0.3)
    carrierwave (0.6.2)
      activemodel (>= 3.2.0)
      activesupport (>= 3.2.0)
    chinese_pinyin (0.4.1)
    i18n (0.6.1)
    mime-types (1.19)
    mini_magick (3.4)
      subexec (~> 0.2.1)
    mongoid (3.0.4)
      activemodel (~> 3.1)
      moped (~> 1.1)
      origin (~> 1.0)
      tzinfo (~> 0.3.22)
    mongoid-grid_fs (1.3.2)
      mime-types (~> 1.19)
      mongoid (~> 3.0)
    moped (1.2.5)
    multi_json (1.3.6)
    nokogiri (1.5.2)
    nokogiri (1.5.2-x86-mingw32)
    origin (1.0.9)
    subexec (0.2.2)
    tzinfo (0.3.33)

PLATFORMS
  ruby
  x86-mingw32

DEPENDENCIES
  bson_ext (= 1.6.4)
  carrierwave (= 0.6.2)
  carrierwave-mongoid!
  chinese_pinyin
  mini_magick (= 3.4)
  mongoid (= 3.0.4)
  nokogiri
